PATH
  remote: .
  specs:
    nubank-cli (0.0.1)
      curses
      thor

GEM
  remote: https://rubygems.org/
  specs:
    coderay (1.1.1)
    curses (1.0.2)
    method_source (0.8.2)
    pry (0.10.3)
      coderay (~> 1.1.0)
      method_source (~> 0.8.1)
      slop (~> 3.4)
    rake (10.5.0)
    slop (3.6.0)
    thor (0.19.1)

PLATFORMS
  ruby

DEPENDENCIES
  bundler (~> 1.10)
  nubank-cli!
  pry
  rake (~> 10.0)

BUNDLED WITH
   1.12.0
